PATH
  remote: .
  specs:
    jessy (0.1.0)

GEM
  remote: https://rubygems.org/
  specs:
    minitest (5.14.2)
    rake (12.3.3)

PLATFORMS
  x64-mingw32

DEPENDENCIES
  jessy!
  minitest
  rake (~> 12.0)

BUNDLED WITH
   2.1.4
